GEM
  remote: https://rubygems.org/
  specs:
    backports (3.14.0)
    coderay (1.1.2)
    dotenv (2.7.2)
    foreman (0.85.0)
      thor (~> 0.19.1)
    method_source (0.9.2)
    multi_json (1.13.1)
    mustermann (1.0.3)
    pry (0.12.2)
      coderay (~> 1.1.0)
      method_source (~> 0.9.0)
    puma (3.12.1)
    pycall (1.0.2)
    rack (2.0.7)
    rack-protection (2.0.5)
      rack
    sinatra (2.0.5)
      mustermann (~> 1.0)
      rack (~> 2.0)
      rack-protection (= 2.0.5)
      tilt (~> 2.0)
    sinatra-contrib (2.0.5)
      backports (>= 2.8.2)
      multi_json
      mustermann (~> 1.0)
      rack-protection (= 2.0.5)
      sinatra (= 2.0.5)
      tilt (>= 1.3, < 3)
    taglib-ruby (0.7.1)
    thor (0.19.4)
    tilt (2.0.9)

PLATFORMS
  ruby

DEPENDENCIES
  dotenv
  foreman
  pry
  puma
  pycall (= 1.0.2)
  sinatra (~> 2.0.0)
  sinatra-contrib
  taglib-ruby

RUBY VERSION
   ruby 2.5.1p57

BUNDLED WITH
   2.0.1
